GEM
  remote: http://rubygems.org/
  specs:
    addressable (2.3.4)
    crack (0.3.2)
    diff-lcs (1.2.4)
    domain_name (0.5.11)
      unf (>= 0.0.5, < 1.0.0)
    http-cookie (1.0.1)
      domain_name (~> 0.5)
    mechanize (2.7.0)
      domain_name (~> 0.5, >= 0.5.1)
      http-cookie (~> 1.0.0)
      mime-types (~> 1.17, >= 1.17.2)
      net-http-digest_auth (~> 1.1, >= 1.1.1)
      net-http-persistent (~> 2.5, >= 2.5.2)
      nokogiri (~> 1.4)
      ntlm-http (~> 0.1, >= 0.1.1)
      webrobots (>= 0.0.9, < 0.2)
    mime-types (1.23)
    net-http-digest_auth (1.3)
    net-http-persistent (2.8)
    nokogiri (1.5.9)
    ntlm-http (0.1.1)
    pg (0.15.1)
    rspec (2.13.0)
      rspec-core (~> 2.13.0)
      rspec-expectations (~> 2.13.0)
      rspec-mocks (~> 2.13.0)
    rspec-core (2.13.1)
    rspec-expectations (2.13.0)
      diff-lcs (>= 1.1.3, < 2.0)
    rspec-mocks (2.13.1)
    ruby-ole (1.2.11.6)
    spreadsheet (0.8.5)
      ruby-ole (>= 1.0)
    unf (0.1.1)
      unf_ext
    unf_ext (0.0.6)
    vcr (2.5.0)
    webmock (1.11.0)
      addressable (>= 2.2.7)
      crack (>= 0.3.2)
    webrobots (0.1.1)

PLATFORMS
  ruby

DEPENDENCIES
  mechanize
  pg
  rspec
  spreadsheet
  vcr
  webmock
